GEM
  remote: http://rubygems.org/
  specs:
    chronic (0.3.0)
    crack (0.1.8)
    daemons (1.1.0)
    eventmachine (0.12.10)
    hashie (0.4.0)
    httparty (0.6.1)
      crack (= 0.1.8)
    json (1.4.6)
    multi_json (0.0.4)
    oauth (0.4.3)
    roauth (0.0.3)
    sequel (3.16.0)
    sqlite3-ruby (1.3.1)
    twitter (0.9.12)
      hashie (~> 0.4.0)
      httparty (~> 0.6.1)
      multi_json (~> 0.0.4)
      oauth (~> 0.4.3)
    twitter-stream (0.1.10)
      eventmachine (>= 0.12.8)
      roauth (>= 0.0.2)

PLATFORMS
  ruby

DEPENDENCIES
  chronic
  daemons
  eventmachine
  json
  sequel
  sqlite3-ruby
  twitter
  twitter-stream
